GEM
  remote: https://rubygems.org/
  specs:
    dnsimple (4.6.0)
      httparty
    httparty (0.18.0)
      mime-types (~> 3.0)
      multi_xml (>= 0.5.2)
    mime-types (3.3.1)
      mime-types-data (~> 3.2015)
    mime-types-data (3.2020.0425)
    multi_xml (0.6.0)
    net-scp (3.0.0)
      net-ssh (>= 2.6.5, < 7.0.0)
    net-ssh (6.0.2)

PLATFORMS
  ruby

DEPENDENCIES
  dnsimple (~> 4.6)
  httparty (~> 0.18)
  net-scp (~> 3.0)

RUBY VERSION
   ruby 2.7.1p83

BUNDLED WITH
   2.1.4
